GIT
  remote: git://github.com/200Creative/spree_bootstrap_frontend.git
  revision: 4ef908e9699cc7d8db926cff6e2a891efc1228e0
  branch: 2-2-stable
  specs:
    spree_bootstrap_frontend (2.2.0)
      bootstrap-sass (~> 3.1.0)
      kaminari-bootstrap (~> 3.0.1)
      spree_core (~> 2.2.0)

GIT
  remote: git://github.com/jdutil/spree_drop_ship.git
  revision: 09f1b9ca91dd02ac53eb7806916fd7e5a231b777
  branch: 2-2-breakage
  specs:
    spree_drop_ship (2.2.0.beta)
      durable_decorator (~> 0.2.0)
      spree_api
      spree_backend
      spree_core (~> 2.2.0)

GIT
  remote: git://github.com/jdutil/spree_group_pricing.git
  revision: 173679d7edc5b1a008d9d2dc498405c7e55b9ed0
  specs:
    spree_group_pricing (2.0.1)
      spree_backend (>= 2.2.0)

GIT
  remote: git://github.com/jdutil/spree_marketplace.git
  revision: 3dbb29146ff66be8cdaf2fd141b677cb2e52a3e4
  branch: stripe_2_2
  specs:
    spree_marketplace (2.0.0.beta)
      spree_core (~> 2.2.0)
      spree_drop_ship
      stripe

GIT
  remote: git://github.com/spree/spree_i18n.git
  revision: a7afd0702e3968014a769e5ae1801bb62ee78f17
  branch: 2-2-stable
  specs:
    spree_i18n (3.0.0)
      globalize (~> 4.0.0)
      rails-i18n (~> 4.0.0)
      spree_core (~> 2.2.0.beta)

GIT
  remote: git://github.com/spree/spree_multi_currency.git
  revision: 2ba81560cadcf29debbecae27e427552bfa09abe
  branch: 2-2-stable
  specs:
    spree_multi_currency (2.2.0)
      spree_core (~> 2.2.0)

GIT
  remote: git://github.com/spree/spree_product_zoom.git
  revision: 759c07b403ee09d0fdb79fe1d4469f65ce1cc9d2
  specs:
    spree_product_zoom (2.2)
      spree_core (~> 2.2.0)

GIT
  remote: git://github.com/spree/spree_recently_viewed.git
  revision: 8f7cf0da8d1ef8de650873b3ea437497390c376f
  branch: 2-2-stable
  specs:
    spree_recently_viewed (1.1.0)
      spree_core (~> 2.2.0.beta)

GIT
  remote: https://github.com/spree/spree_auth_devise.git
  revision: e75c1f021c4353b2e10474dfb9181dc8d4571b40
  branch: 2-2-stable
  specs:
    spree_auth_devise (2.2.0)
      cancan (~> 1.6.10)
      devise (~> 3.2.3)
      devise-encryptable (= 0.1.2)
      json
      multi_json
      spree_core (~> 2.2.0)

GIT
  remote: https://github.com/spree/spree_gateway.git
  revision: 8d3c09fd63ee61676b5a3b5be37e05b482379db9
  branch: 2-2-stable
  specs:
    spree_gateway (2.2.1)
      spree_core (~> 2.2.0)

GEM
  remote: https://rubygems.org/
  specs:
    actionmailer (4.0.4)
      actionpack (= 4.0.4)
      mail (~> 2.5.4)
    actionpack (4.0.4)
      activesupport (= 4.0.4)
      builder (~> 3.1.0)
      erubis (~> 2.7.0)
      rack (~> 1.5.2)
      rack-test (~> 0.6.2)
    active_utils (2.0.2)
      activesupport (>= 2.3.11)
      i18n
    activemerchant (1.42.8)
      active_utils (~> 2.0, >= 2.0.1)
      activesupport (>= 2.3.14, < 5.0.0)
      builder (>= 2.1.2, < 4.0.0)
      i18n (~> 0.5)
      json (~> 1.7)
      money (< 7.0.0)
      nokogiri (~> 1.4)
    activemodel (4.0.4)
      activesupport (= 4.0.4)
      builder (~> 3.1.0)
    activerecord (4.0.4)
      activemodel (= 4.0.4)
      activerecord-deprecated_finders (~> 1.0.2)
      activesupport (= 4.0.4)
      arel (~> 4.0.0)
    activerecord-deprecated_finders (1.0.3)
    activesupport (4.0.4)
      i18n (~> 0.6, >= 0.6.9)
      minitest (~> 4.2)
      multi_json (~> 1.3)
      thread_safe (~> 0.1)
      tzinfo (~> 0.3.37)
    acts_as_list (0.3.0)
      activerecord (>= 3.0)
    arel (4.0.2)
    awesome_nested_set (3.0.0.rc.3)
      activerecord (>= 4.0.0, < 5)
    aws-sdk (1.27.0)
      json (~> 1.4)
      nokogiri (>= 1.4.4)
      uuidtools (~> 2.1)
    bcrypt (3.1.7)
    bootstrap-sass (3.1.1.0)
      sass (~> 3.2)
    builder (3.1.4)
    cancan (1.6.10)
    canonical-rails (0.0.7)
      rails (>= 3.1, < 5.0)
    climate_control (0.0.3)
      activesupport (>= 3.0)
    cocaine (0.5.4)
      climate_control (>= 0.0.3, < 1.0)
    coffee-rails (4.0.1)
      coffee-script (>= 2.2.0)
      railties (>= 4.0.0, < 5.0)
    coffee-script (2.2.0)
      coffee-script-source
      execjs
    coffee-script-source (1.7.0)
    colorize (0.7.1)
    deface (1.0.0)
      colorize (>= 0.5.8)
      nokogiri (~> 1.6.0)
      rails (>= 3.1)
    devise (3.2.4)
      bcrypt (~> 3.0)
      orm_adapter (~> 0.1)
      railties (>= 3.2.6, < 5)
      thread_safe (~> 0.1)
      warden (~> 1.2.3)
    devise-encryptable (0.1.2)
      devise (>= 2.1.0)
    durable_decorator (0.2.2)
      logging
      method_source
    erubis (2.7.0)
    execjs (2.0.2)
    ffaker (1.24.0)
    friendly_id (5.0.3)
      activerecord (>= 4.0.0)
    globalize (4.0.1)
      activemodel (>= 4.0.0, < 5)
      activerecord (>= 4.0.0, < 5)
    highline (1.6.21)
    hike (1.2.3)
    httparty (0.13.0)
      json (~> 1.8)
      multi_xml (>= 0.5.2)
    i18n (0.6.9)
    jbuilder (1.5.3)
      activesupport (>= 3.0.0)
      multi_json (>= 1.2.0)
    jquery-rails (3.1.0)
      railties (>= 3.0, < 5.0)
      thor (>= 0.14, < 2.0)
    jquery-ui-rails (4.1.2)
      railties (>= 3.1.0)
    json (1.8.1)
    kaminari (0.15.1)
      actionpack (>= 3.0.0)
      activesupport (>= 3.0.0)
    kaminari-bootstrap (3.0.1)
      kaminari (>= 0.13.0)
      rails
    little-plugger (1.1.3)
    logging (1.8.2)
      little-plugger (>= 1.1.3)
      multi_json (>= 1.8.4)
    mail (2.5.4)
      mime-types (~> 1.16)
      treetop (~> 1.4.8)
    method_source (0.8.2)
    mime-types (1.25.1)
    mini_portile (0.5.3)
    minitest (4.7.5)
    monetize (0.1.4)
    money (6.0.1)
      i18n (~> 0.6.4)
      monetize (~> 0.1.3)
    multi_json (1.9.2)
    multi_xml (0.5.5)
    nokogiri (1.6.1)
      mini_portile (~> 0.5.0)
    orm_adapter (0.5.0)
    paperclip (3.4.2)
      activemodel (>= 3.0.0)
      activerecord (>= 3.0.0)
      activesupport (>= 3.0.0)
      cocaine (~> 0.5.0)
      mime-types
    paranoia (2.0.2)
      activerecord (~> 4.0)
    polyamorous (0.6.4)
      activerecord (>= 3.0)
    polyglot (0.3.4)
    rabl (0.9.3)
      activesupport (>= 2.3.14)
    rack (1.5.2)
    rack-test (0.6.2)
      rack (>= 1.0)
    rails (4.0.4)
      actionmailer (= 4.0.4)
      actionpack (= 4.0.4)
      activerecord (= 4.0.4)
      activesupport (= 4.0.4)
      bundler (>= 1.3.0, < 2.0)
      railties (= 4.0.4)
      sprockets-rails (~> 2.0.0)
    rails-i18n (4.0.2)
      i18n (~> 0.6)
      rails (>= 4.0)
    railties (4.0.4)
      actionpack (= 4.0.4)
      activesupport (= 4.0.4)
      rake (>= 0.8.7)
      thor (>= 0.18.1, < 2.0)
    rake (10.2.2)
    ransack (1.1.0)
      actionpack (>= 3.0)
      activerecord (>= 3.0)
      polyamorous (~> 0.6.0)
    rdoc (4.1.1)
      json (~> 1.4)
    rest-client (1.6.7)
      mime-types (>= 1.16)
    sass (3.2.18)
    sass-rails (4.0.3)
      railties (>= 4.0.0, < 5.0)
      sass (~> 3.2.0)
      sprockets (~> 2.8, <= 2.11.0)
      sprockets-rails (~> 2.0)
    sdoc (0.4.0)
      json (~> 1.8)
      rdoc (~> 4.0, < 5.0)
    select2-rails (3.4.9)
      sass-rails
      thor (~> 0.14)
    spree (2.2.1)
      spree_api (= 2.2.1)
      spree_backend (= 2.2.1)
      spree_cmd (= 2.2.1)
      spree_core (= 2.2.1)
      spree_frontend (= 2.2.1)
      spree_sample (= 2.2.1)
    spree_api (2.2.1)
      rabl (= 0.9.3)
      spree_core (= 2.2.1)
      versioncake (~> 1.2.0)
    spree_backend (2.2.1)
      jquery-rails (~> 3.1.0)
      jquery-ui-rails (~> 4.1.0)
      select2-rails (~> 3.4.7)
      spree_api (= 2.2.1)
      spree_core (= 2.2.1)
    spree_cmd (2.2.1)
      thor (~> 0.14)
    spree_core (2.2.1)
      activemerchant (~> 1.42.3)
      acts_as_list (= 0.3.0)
      awesome_nested_set (~> 3.0.0.rc.3)
      aws-sdk (= 1.27.0)
      cancan (~> 1.6.10)
      deface (~> 1.0.0)
      ffaker (~> 1.16)
      friendly_id (= 5.0.3)
      highline (~> 1.6.18)
      httparty (~> 0.11)
      json (~> 1.7)
      kaminari (~> 0.15.0)
      paperclip (~> 3.4.1)
      paranoia (~> 2.0)
      rails (~> 4.0.3)
      ransack (~> 1.1.0)
      state_machine (= 1.2.0)
      stringex (~> 1.5.1)
      truncate_html (= 0.9.2)
    spree_frontend (2.2.1)
      canonical-rails (~> 0.0.4)
      jquery-rails (~> 3.1.0)
      spree_api (= 2.2.1)
      spree_core (= 2.2.1)
      stringex (~> 1.5.1)
    spree_sample (2.2.1)
      spree_core (= 2.2.1)
    sprockets (2.11.0)
      hike (~> 1.2)
      multi_json (~> 1.0)
      rack (~> 1.0)
      tilt (~> 1.1, != 1.3.0)
    sprockets-rails (2.0.1)
      actionpack (>= 3.0)
      activesupport (>= 3.0)
      sprockets (~> 2.8)
    sqlite3 (1.3.9)
    state_machine (1.2.0)
    stringex (1.5.1)
    stripe (1.10.1)
      json (~> 1.8.1)
      mime-types (~> 1.25)
      rest-client (~> 1.4)
    thor (0.19.1)
    thread_safe (0.3.2)
    tilt (1.4.1)
    treetop (1.4.15)
      polyglot
      polyglot (>= 0.3.1)
    truncate_html (0.9.2)
    turbolinks (2.2.1)
      coffee-rails
    tzinfo (0.3.39)
    uglifier (2.5.0)
      execjs (>= 0.3.0)
      json (>= 1.8.0)
    uuidtools (2.1.4)
    versioncake (1.2.0)
      actionpack (>= 3.2)
      activesupport (>= 3.2)
      railties (>= 3.2)
      tzinfo
    warden (1.2.3)
      rack (>= 1.0)

PLATFORMS
  ruby

DEPENDENCIES
  coffee-rails (~> 4.0.0)
  jbuilder (~> 1.2)
  jquery-rails
  money (= 6.0.1)
  rails (= 4.0.4)
  sass-rails (~> 4.0.2)
  sdoc
  spree (= 2.2.1)
  spree_auth_devise!
  spree_bootstrap_frontend!
  spree_drop_ship!
  spree_gateway!
  spree_group_pricing!
  spree_i18n!
  spree_marketplace!
  spree_multi_currency!
  spree_product_zoom!
  spree_recently_viewed!
  sqlite3
  turbolinks
  uglifier (>= 1.3.0)
